GEM
  remote: https://rubygems.org/
  specs:
    minitest (5.14.3)
    ruby2d (0.9.5)

PLATFORMS
  x86_64-linux

DEPENDENCIES
  minitest (~> 5)
  ruby2d (~> 0.9.5)

BUNDLED WITH
   2.2.3
